GEM
  remote: https://rubygems.org/
  specs:
    metaclass (0.0.1)
    mocha (0.12.10)
      metaclass (~> 0.0.1)
    rack (1.5.2)
    rack-protection (1.5.0)
      rack
    rake (10.0.4)
    sinatra (1.3.6)
      rack (~> 1.4)
      rack-protection (~> 1.3)
      tilt (~> 1.3, >= 1.3.3)
    tilt (1.4.1)

PLATFORMS
  ruby

DEPENDENCIES
  mocha (~> 0.12.3)
  rake (~> 10.0.3)
  sinatra (~> 1.3.2)
